GEM
  remote: https://rubygems.org/
  specs:
    ZenTest (4.9.1)
    autotest (4.4.6)
      ZenTest (>= 4.4.1)
    diff-lcs (1.2.3)
    git (1.2.5)
    jeweler (1.8.4)
      bundler (~> 1.0)
      git (>= 1.2.5)
      rake
      rdoc
    json (1.7.7)
    rake (10.0.4)
    rdoc (4.0.1)
      json (~> 1.4)
    rspec (2.13.0)
      rspec-core (~> 2.13.0)
      rspec-expectations (~> 2.13.0)
      rspec-mocks (~> 2.13.0)
    rspec-core (2.13.1)
    rspec-expectations (2.13.0)
      diff-lcs (>= 1.1.3, < 2.0)
    rspec-mocks (2.13.1)

PLATFORMS
  ruby

DEPENDENCIES
  autotest (>= 4.4.1)
  jeweler
  rake
  rspec (>= 2.0.0)
